GEM
  remote: https://rubygems.org/
  specs:
    debug (1.6.3)
      irb (>= 1.3.6)
      reline (>= 0.3.1)
    faraday (2.7.1)
      faraday-net_http (>= 2.0, < 3.1)
      ruby2_keywords (>= 0.0.4)
    faraday-net_http (3.0.2)
    google-protobuf (3.21.9-x86_64-linux)
    io-console (0.5.11)
    irb (1.5.1)
      reline (>= 0.3.0)
    reline (0.3.1)
      io-console (~> 0.5)
    ruby2_keywords (0.0.5)

PLATFORMS
  x86_64-linux

DEPENDENCIES
  debug (~> 1.6)
  faraday (~> 2.7)
  google-protobuf (~> 3.21)

BUNDLED WITH
   2.3.25
